GEM
  remote: http://rubygems.org/
  specs:
    addressable (2.2.7)
    builder (3.0.0)
    crack (0.3.1)
    cucumber (1.1.9)
      builder (>= 2.1.2)
      diff-lcs (>= 1.1.2)
      gherkin (~> 2.9.0)
      json (>= 1.4.6)
      term-ansicolor (>= 1.0.6)
    diff-lcs (1.1.3)
    gherkin (2.9.3)
      json (>= 1.4.6)
    httparty (0.8.2)
      multi_json
      multi_xml
    json (1.6.6)
    multi_json (1.2.0)
    multi_xml (0.4.2)
    rspec (2.9.0)
      rspec-core (~> 2.9.0)
      rspec-expectations (~> 2.9.0)
      rspec-mocks (~> 2.9.0)
    rspec-core (2.9.0)
    rspec-expectations (2.9.1)
      diff-lcs (~> 1.1.3)
    rspec-mocks (2.9.0)
    term-ansicolor (1.0.7)
    webmock (1.8.6)
      addressable (>= 2.2.7)
      crack (>= 0.1.7)

PLATFORMS
  ruby

DEPENDENCIES
  cucumber
  httparty
  json
  rspec
  webmock
